PATH
  remote: .
  specs:
    schematron (1.1.3)
      libxml-ruby (>= 2.7.0)
      libxslt-ruby (>= 1.1.0)

GEM
  remote: https://rubygems.org/
  specs:
    diff-lcs (1.2.5)
    libxml-ruby (2.7.0)
    libxslt-ruby (1.1.0)
      libxml-ruby (>= 2.4.0)
    rake (10.1.1)
    rspec (2.14.1)
      rspec-core (~> 2.14.0)
      rspec-expectations (~> 2.14.0)
      rspec-mocks (~> 2.14.0)
    rspec-core (2.14.7)
    rspec-expectations (2.14.5)
      diff-lcs (>= 1.1.3, < 2.0)
    rspec-mocks (2.14.5)

PLATFORMS
  ruby

DEPENDENCIES
  rake
  rspec
  schematron!
